GEM
  remote: https://rubygems.org/
  specs:
    addressable (2.2.8)
    bcrypt-ruby (3.0.1)
    bond (0.4.2)
    data_mapper (1.2.0)
      dm-aggregates (~> 1.2.0)
      dm-constraints (~> 1.2.0)
      dm-core (~> 1.2.0)
      dm-migrations (~> 1.2.0)
      dm-serializer (~> 1.2.0)
      dm-timestamps (~> 1.2.0)
      dm-transactions (~> 1.2.0)
      dm-types (~> 1.2.0)
      dm-validations (~> 1.2.0)
    dm-aggregates (1.2.0)
      dm-core (~> 1.2.0)
    dm-constraints (1.2.0)
      dm-core (~> 1.2.0)
    dm-core (1.2.0)
      addressable (~> 2.2.6)
    dm-migrations (1.2.0)
      dm-core (~> 1.2.0)
    dm-serializer (1.2.1)
      dm-core (~> 1.2.0)
      fastercsv (~> 1.5.4)
      json (~> 1.6.1)
      json_pure (~> 1.6.1)
      multi_json (~> 1.0.3)
    dm-timestamps (1.2.0)
      dm-core (~> 1.2.0)
    dm-transactions (1.2.0)
      dm-core (~> 1.2.0)
    dm-types (1.2.1)
      bcrypt-ruby (~> 3.0.0)
      dm-core (~> 1.2.0)
      fastercsv (~> 1.5.4)
      json (~> 1.6.1)
      multi_json (~> 1.0.3)
      stringex (~> 1.3.0)
      uuidtools (~> 2.1.2)
    dm-validations (1.2.0)
      dm-core (~> 1.2.0)
    fastercsv (1.5.5)
    json (1.6.7)
    json_pure (1.6.7)
    multi_json (1.0.4)
    rack (1.4.1)
    rack-protection (1.2.0)
      rack
    rack-test (0.6.1)
      rack (>= 1.0)
    ripl (0.6.4)
      bond (~> 0.4.0)
    ripl-multi_line (0.3.0)
      ripl (>= 0.3.6)
    ripl-rack (0.2.0)
      rack (>= 1.0)
      rack-test (>= 0.5)
      ripl (>= 0.3.5)
    sinatra (1.3.2)
      rack (>= 1.3.6, ~> 1.3)
      rack-protection (~> 1.2)
      tilt (>= 1.3.3, ~> 1.3)
    stringex (1.3.3)
    tilt (1.3.3)
    tux (0.3.0)
      ripl (>= 0.3.5)
      ripl-multi_line (>= 0.2.4)
      ripl-rack (>= 0.2.0)
      sinatra (>= 1.2.1)
    uuidtools (2.1.2)

PLATFORMS
  ruby

DEPENDENCIES
  data_mapper
  json
  sinatra
  tux
